GEM
  remote: https://rubygems.org/
  specs:
    colorize (0.8.1)
    highline (1.7.10)
    ruby-mud (0.0.4)

PLATFORMS
  ruby

DEPENDENCIES
  colorize (~> 0.8.1)
  highline
  ruby-mud

BUNDLED WITH
   1.15.4
